GEM
  remote: https://rubygems.org/
  specs:
    bson (4.0.0)
    diff-lcs (1.3)
    dotenv (2.0.2)
    mongo (2.2.1)
      bson (~> 4.0)
    multi_json (1.11.2)
    rspec (3.6.0)
      rspec-core (~> 3.6.0)
      rspec-expectations (~> 3.6.0)
      rspec-mocks (~> 3.6.0)
    rspec-core (3.6.0)
      rspec-support (~> 3.6.0)
    rspec-expectations (3.6.0)
      diff-lcs (>= 1.2.0, < 2.0)
      rspec-support (~> 3.6.0)
    rspec-mocks (3.6.0)
      diff-lcs (>= 1.2.0, < 2.0)
      rspec-support (~> 3.6.0)
    rspec-support (3.6.0)

PLATFORMS
  ruby

DEPENDENCIES
  dotenv
  mongo
  multi_json
  rspec

BUNDLED WITH
   1.15.4
